GEM
  remote: https://rubygems.org/
  specs:
    byebug (9.0.6)
    curb (0.9.3)
    mini_portile2 (2.1.0)
    nokogiri (1.6.8.1)
      mini_portile2 (~> 2.1.0)

PLATFORMS
  ruby

DEPENDENCIES
  byebug
  curb
  nokogiri

BUNDLED WITH
   1.13.6
